GEM
  remote: https://rubygems.org/
  specs:
    backports (3.15.0)
    bcrypt (3.1.12)
    byebug (11.0.1)
    coderay (1.1.2)
    dotenv (2.7.2)
    method_source (0.9.2)
    multi_json (1.13.1)
    mustermann (1.0.3)
    pg (1.1.4)
    pry (0.12.2)
      coderay (~> 1.1.0)
      method_source (~> 0.9.0)
    pry-byebug (3.7.0)
      byebug (~> 11.0)
      pry (~> 0.10)
    rack (2.0.8)
    rack-flash3 (1.0.5)
      rack
    rack-protection (2.0.5)
      rack
    sinatra (2.0.5)
      mustermann (~> 1.0)
      rack (~> 2.0)
      rack-protection (= 2.0.5)
      tilt (~> 2.0)
    sinatra-contrib (2.0.5)
      backports (>= 2.8.2)
      multi_json
      mustermann (~> 1.0)
      rack-protection (= 2.0.5)
      sinatra (= 2.0.5)
      tilt (>= 1.3, < 3)
    tilt (2.0.9)

PLATFORMS
  ruby

DEPENDENCIES
  bcrypt
  dotenv
  pg
  pry-byebug
  rack-flash3
  sinatra
  sinatra-contrib

BUNDLED WITH
   2.0.1
